PATH
  remote: .
  specs:
    gauge-ruby (0.5.3)
      debase (~> 0.2.2)
      grpc (~> 1.10, >= 1.10.0)
      method_source (>= 0.8.2, < 0.10.0)
      os (= 1.0.1)
      parser (~> 2.3)
      ruby-debug-ide (>= 0.6, < 0.8)
      ruby-protocol-buffers (= 1.6.1)
      unparser (>= 0.2.6, < 0.5.0)

GEM
  remote: https://rubygems.org/
  specs:
    abstract_type (0.0.7)
    adamantium (0.2.0)
      ice_nine (~> 0.11.0)
      memoizable (~> 0.4.0)
    ast (2.4.0)
    concord (0.1.5)
      adamantium (~> 0.2.0)
      equalizer (~> 0.0.9)
    debase (0.2.4.1)
      debase-ruby_core_source (>= 0.10.2)
    debase-ruby_core_source (0.10.5)
    diff-lcs (1.3)
    docile (1.3.2)
    equalizer (0.0.11)
    google-protobuf (3.11.2)
    googleapis-common-protos-types (1.0.4)
      google-protobuf (~> 3.0)
    grpc (1.26.0)
      google-protobuf (~> 3.8)
      googleapis-common-protos-types (~> 1.0)
    grpc-tools (1.26.0)
    ice_nine (0.11.2)
    json (2.2.0)
    memoizable (0.4.2)
      thread_safe (~> 0.3, >= 0.3.1)
    method_source (0.9.2)
    os (1.0.1)
    parser (2.6.5.0)
      ast (~> 2.4.0)
    procto (0.0.3)
    rake (13.0.1)
    rspec (3.9.0)
      rspec-core (~> 3.9.0)
      rspec-expectations (~> 3.9.0)
      rspec-mocks (~> 3.9.0)
    rspec-core (3.9.0)
      rspec-support (~> 3.9.0)
    rspec-expectations (3.9.0)
      diff-lcs (>= 1.2.0, < 2.0)
      rspec-support (~> 3.9.0)
    rspec-mocks (3.9.0)
      diff-lcs (>= 1.2.0, < 2.0)
      rspec-support (~> 3.9.0)
    rspec-support (3.9.0)
    ruby-debug-ide (0.7.0)
      rake (>= 0.8.1)
    ruby-protocol-buffers (1.6.1)
    rubyzip (2.0.0)
    simplecov (0.17.1)
      docile (~> 1.1)
      json (>= 1.8, < 3)
      simplecov-html (~> 0.10.0)
    simplecov-html (0.10.2)
    thread_safe (0.3.6)
    unparser (0.4.5)
      abstract_type (~> 0.0.7)
      adamantium (~> 0.2.0)
      concord (~> 0.1.5)
      diff-lcs (~> 1.3)
      equalizer (~> 0.0.9)
      parser (~> 2.6.3)
      procto (~> 0.0.2)
    yard (0.9.22)

PLATFORMS
  ruby

DEPENDENCIES
  gauge-ruby!
  grpc-tools (~> 1.10, >= 1.10.0)
  rake
  rspec
  rubyzip (>= 1.2.2)
  simplecov
  yard

BUNDLED WITH
   2.0.2
