PATH
  remote: .
  specs:
    gauge-ruby (0.8.0)
      grpc (~> 1.10, >= 1.10.0)
      parser (>= 3.0, < 4.0)
      unparser (>= 0.5.0, < 0.7.0)

GEM
  remote: https://rubygems.org/
  specs:
    ast (2.4.2)
    diff-lcs (1.5.1)
    docile (1.4.0)
    google-protobuf (3.25.3)
    google-protobuf (3.25.3-aarch64-linux)
    google-protobuf (3.25.3-arm64-darwin)
    google-protobuf (3.25.3-x86_64-darwin)
    google-protobuf (3.25.3-x86_64-linux)
    googleapis-common-protos-types (1.13.0)
      google-protobuf (~> 3.18)
    grpc (1.62.0)
      google-protobuf (~> 3.25)
      googleapis-common-protos-types (~> 1.0)
    grpc (1.62.0-aarch64-linux)
      google-protobuf (~> 3.25)
      googleapis-common-protos-types (~> 1.0)
    grpc (1.62.0-arm64-darwin)
      google-protobuf (~> 3.25)
      googleapis-common-protos-types (~> 1.0)
    grpc (1.62.0-x86_64-darwin)
      google-protobuf (~> 3.25)
      googleapis-common-protos-types (~> 1.0)
    grpc (1.62.0-x86_64-linux)
      google-protobuf (~> 3.25)
      googleapis-common-protos-types (~> 1.0)
    grpc-tools (1.61.0)
    method_source (1.0.0)
    os (1.1.4)
    parser (3.3.0.5)
      ast (~> 2.4.1)
      racc
    racc (1.7.3)
    rake (13.1.0)
    rspec (3.13.0)
      rspec-core (~> 3.13.0)
      rspec-expectations (~> 3.13.0)
      rspec-mocks (~> 3.13.0)
    rspec-core (3.13.0)
      rspec-support (~> 3.13.0)
    rspec-expectations (3.13.0)
      diff-lcs (>= 1.2.0, < 2.0)
      rspec-support (~> 3.13.0)
    rspec-mocks (3.13.0)
      diff-lcs (>= 1.2.0, < 2.0)
      rspec-support (~> 3.13.0)
    rspec-support (3.13.0)
    rubyzip (2.3.2)
    simplecov (0.22.0)
      docile (~> 1.1)
      simplecov-html (~> 0.11)
      simplecov_json_formatter (~> 0.1)
    simplecov-html (0.12.3)
    simplecov_json_formatter (0.1.4)
    unparser (0.6.13)
      diff-lcs (~> 1.3)
      parser (>= 3.3.0)
    yard (0.9.34)

PLATFORMS
  aarch64-linux
  arm64-darwin
  ruby
  x86_64-darwin
  x86_64-linux

DEPENDENCIES
  gauge-ruby!
  grpc-tools (~> 1.10, >= 1.10.0)
  method_source
  os
  rake
  rspec
  rubyzip (>= 1.2.2)
  simplecov
  yard

BUNDLED WITH
   2.5.6
