PATH
  remote: .
  specs:
    gauge-ruby (0.6.0)
      debase (~> 0.2.5.beta2)
      grpc (~> 1.10, >= 1.10.0)
      method_source (>= 0.8.2, < 1.1.0)
      parser (>= 2.7, < 4.0)
      ruby-debug-ide (>= 0.6, < 0.8)
      ruby-protocol-buffers (= 1.6.1)
      unparser (>= 0.5.0, < 0.7.0)

GEM
  remote: https://rubygems.org/
  specs:
    ast (2.4.2)
    debase (0.2.5.beta2)
      debase-ruby_core_source (>= 0.10.12)
    debase-ruby_core_source (3.2.1)
    diff-lcs (1.5.0)
    docile (1.4.0)
    google-protobuf (3.23.3)
    google-protobuf (3.23.3-aarch64-linux)
    google-protobuf (3.23.3-arm64-darwin)
    google-protobuf (3.23.3-x86_64-darwin)
    google-protobuf (3.23.3-x86_64-linux)
    googleapis-common-protos-types (1.6.0)
      google-protobuf (~> 3.14)
    grpc (1.56.0)
      google-protobuf (~> 3.23)
      googleapis-common-protos-types (~> 1.0)
    grpc (1.56.0-x86_64-darwin)
      google-protobuf (~> 3.23)
      googleapis-common-protos-types (~> 1.0)
    grpc (1.56.0-x86_64-linux)
      google-protobuf (~> 3.23)
      googleapis-common-protos-types (~> 1.0)
    grpc-tools (1.56.0)
    method_source (1.0.0)
    os (1.1.4)
    parser (3.2.2.3)
      ast (~> 2.4.1)
      racc
    racc (1.7.1)
    rake (13.0.6)
    rspec (3.12.0)
      rspec-core (~> 3.12.0)
      rspec-expectations (~> 3.12.0)
      rspec-mocks (~> 3.12.0)
    rspec-core (3.12.2)
      rspec-support (~> 3.12.0)
    rspec-expectations (3.12.3)
      diff-lcs (>= 1.2.0, < 2.0)
      rspec-support (~> 3.12.0)
    rspec-mocks (3.12.5)
      diff-lcs (>= 1.2.0, < 2.0)
      rspec-support (~> 3.12.0)
    rspec-support (3.12.1)
    ruby-debug-ide (0.7.3)
      rake (>= 0.8.1)
    ruby-protocol-buffers (1.6.1)
    rubyzip (2.3.2)
    simplecov (0.22.0)
      docile (~> 1.1)
      simplecov-html (~> 0.11)
      simplecov_json_formatter (~> 0.1)
    simplecov-html (0.12.3)
    simplecov_json_formatter (0.1.4)
    unparser (0.6.8)
      diff-lcs (~> 1.3)
      parser (>= 3.2.0)
    yard (0.9.34)

PLATFORMS
  aarch64-linux
  arm64-darwin
  ruby
  x86_64-darwin
  x86_64-linux

DEPENDENCIES
  gauge-ruby!
  grpc-tools (~> 1.10, >= 1.10.0)
  os
  rake
  rspec
  rubyzip (>= 1.2.2)
  simplecov
  yard

BUNDLED WITH
   2.4.14
